GEM
  remote: http://rubygems.org/
  specs:
    addressable (2.3.6)
    awesome_print (1.2.0)
    builder (3.2.2)
    diff-lcs (1.2.1)
    fakeweb (1.3.0)
    faraday (0.8.9)
      multipart-post (~> 1.2.0)
    git (1.2.7)
    github_api (0.10.2)
      addressable
      faraday (~> 0.8.7)
      hashie (>= 1.2)
      multi_json (~> 1.4)
      nokogiri (~> 1.6.0)
      oauth2
    hashie (3.2.0)
    highline (1.6.21)
    jeweler (2.0.1)
      builder
      bundler (>= 1.0)
      git (>= 1.2.5)
      github_api
      highline (>= 1.6.15)
      nokogiri (>= 1.5.10)
      rake
      rdoc
    json (1.7.7)
    jwt (1.0.0)
    mini_portile (0.6.0)
    multi_json (1.6.1)
    multi_xml (0.5.5)
    multipart-post (1.2.0)
    nokogiri (1.6.2.1)
      mini_portile (= 0.6.0)
    oauth2 (1.0.0)
      faraday (>= 0.8, < 0.10)
      jwt (~> 1.0)
      multi_json (~> 1.3)
      multi_xml (~> 0.5)
      rack (~> 1.2)
    rack (1.5.2)
    rake (10.3.2)
    rdoc (3.12.2)
      json (~> 1.4)
    rspec (2.13.0)
      rspec-core (~> 2.13.0)
      rspec-expectations (~> 2.13.0)
      rspec-mocks (~> 2.13.0)
    rspec-core (2.13.1)
    rspec-expectations (2.13.0)
      diff-lcs (>= 1.1.3, < 2.0)
    rspec-mocks (2.13.0)
    simplecov (0.7.1)
      multi_json (~> 1.0)
      simplecov-html (~> 0.7.1)
    simplecov-html (0.7.1)

PLATFORMS
  ruby

DEPENDENCIES
  awesome_print
  bundler
  fakeweb
  jeweler (~> 2.0.1)
  nokogiri
  rdoc (~> 3.12)
  rspec
  simplecov
